PATH
  remote: vendor/hoptoad_notifier-2.4.11
  specs:
    hoptoad_notifier (2.4.11)
      activesupport
      builder

GEM
  remote: https://rubygems.org/
  specs:
    actioncable (6.1.7.10)
      actionpack (= 6.1.7.10)
      activesupport (= 6.1.7.10)
      nio4r (~> 2.0)
      websocket-driver (>= 0.6.1)
    actionmailbox (6.1.7.10)
      actionpack (= 6.1.7.10)
      activejob (= 6.1.7.10)
      activerecord (= 6.1.7.10)
      activestorage (= 6.1.7.10)
      activesupport (= 6.1.7.10)
      mail (>= 2.7.1)
    actionmailer (6.1.7.10)
      actionpack (= 6.1.7.10)
      actionview (= 6.1.7.10)
      activejob (= 6.1.7.10)
      activesupport (= 6.1.7.10)
      mail (~> 2.5, >= 2.5.4)
      rails-dom-testing (~> 2.0)
    actionmailer_inline_css (1.6.0)
      actionmailer (>= 3.0.0)
      nokogiri (>= 1.7.0)
      premailer (>= 1.11.0)
    actionpack (6.1.7.10)
      actionview (= 6.1.7.10)
      activesupport (= 6.1.7.10)
      rack (~> 2.0, >= 2.0.9)
      rack-test (>= 0.6.3)
      rails-dom-testing (~> 2.0)
      rails-html-sanitizer (~> 1.0, >= 1.2.0)
    actiontext (6.1.7.10)
      actionpack (= 6.1.7.10)
      activerecord (= 6.1.7.10)
      activestorage (= 6.1.7.10)
      activesupport (= 6.1.7.10)
      nokogiri (>= 1.8.5)
    actionview (6.1.7.10)
      activesupport (= 6.1.7.10)
      builder (~> 3.1)
      erubi (~> 1.4)
      rails-dom-testing (~> 2.0)
      rails-html-sanitizer (~> 1.1, >= 1.2.0)
    activejob (6.1.7.10)
      activesupport (= 6.1.7.10)
      globalid (>= 0.3.6)
    activemodel (6.1.7.10)
      activesupport (= 6.1.7.10)
    activemodel-serializers-xml (1.0.2)
      activemodel (> 5.x)
      activesupport (> 5.x)
      builder (~> 3.1)
    activerecord (6.1.7.10)
      activemodel (= 6.1.7.10)
      activesupport (= 6.1.7.10)
    activestorage (6.1.7.10)
      actionpack (= 6.1.7.10)
      activejob (= 6.1.7.10)
      activerecord (= 6.1.7.10)
      activesupport (= 6.1.7.10)
      marcel (~> 1.0)
      mini_mime (>= 1.1.0)
    activesupport (6.1.7.10)
      concurrent-ruby (~> 1.0, >= 1.0.2)
      i18n (>= 1.6, < 2)
      minitest (>= 5.1)
      tzinfo (~> 2.0)
      zeitwerk (~> 2.3)
    addressable (2.8.7)
      public_suffix (>= 2.0.2, < 7.0)
    airbrake (4.3.8)
      builder
      multi_json
    ast (2.4.2)
    bcrypt (3.1.20)
    bcrypt (3.1.20-java)
    bigdecimal (3.1.8)
    bigdecimal (3.1.8-java)
    bootsnap (1.18.4)
      msgpack (~> 1.2)
    bson (5.0.1)
    bson (5.0.1-java)
    builder (3.3.0)
    campy (1.0.0)
    capybara (3.40.0)
      addressable
      matrix
      mini_mime (>= 0.1.3)
      nokogiri (~> 1.11)
      rack (>= 1.6.0)
      rack-test (>= 0.6.3)
      regexp_parser (>= 1.5, < 3.0)
      xpath (~> 3.2)
    cliver (0.3.2)
    coderay (1.1.3)
    concurrent-ruby (1.3.4)
    crass (1.0.6)
    css_parser (1.19.1)
      addressable
    csv (3.3.0)
    date (3.4.0)
    date (3.4.0-java)
    decent_exposure (3.0.4)
      activesupport (>= 4.0)
    devise (4.8.1)
      bcrypt (~> 3.0)
      orm_adapter (~> 0.1)
      railties (>= 4.1.0)
      responders
      warden (~> 1.2.3)
    diff-lcs (1.5.1)
    docile (1.4.1)
    domain_name (0.6.20240107)
    dotenv (2.8.1)
    dotenv-rails (2.8.1)
      dotenv (= 2.8.1)
      railties (>= 3.2)
    draper (4.0.2)
      actionpack (>= 5.0)
      activemodel (>= 5.0)
      activemodel-serializers-xml (>= 1.0)
      activesupport (>= 5.0)
      request_store (>= 1.0)
      ruby2_keywords
    email_spec (2.2.0)
      htmlentities (~> 4.3.3)
      launchy (~> 2.1)
      mail (~> 2.7)
    errbit_github_plugin (0.3.0)
      errbit_plugin
      octokit
    errbit_plugin (0.6.0)
    erubi (1.13.0)
    execjs (2.8.1)
    fabrication (2.30.0)
    faraday (1.10.1)
      faraday-em_http (~> 1.0)
      faraday-em_synchrony (~> 1.0)
      faraday-excon (~> 1.1)
      faraday-httpclient (~> 1.0)
      faraday-multipart (~> 1.0)
      faraday-net_http (~> 1.0)
      faraday-net_http_persistent (~> 1.0)
      faraday-patron (~> 1.0)
      faraday-rack (~> 1.0)
      faraday-retry (~> 1.0)
      ruby2_keywords (>= 0.0.4)
    faraday-em_http (1.0.0)
    faraday-em_synchrony (1.0.0)
    faraday-excon (1.1.0)
    faraday-httpclient (1.0.1)
    faraday-multipart (1.0.4)
      multipart-post (~> 2)
    faraday-net_http (1.0.1)
    faraday-net_http_persistent (1.2.0)
    faraday-patron (1.0.0)
    faraday-rack (1.0.0)
    faraday-retry (1.0.3)
    ffi (1.17.0)
    ffi (1.17.0-arm64-darwin)
    ffi (1.17.0-java)
    ffi (1.17.0-x86_64-darwin)
    ffi (1.17.0-x86_64-linux-gnu)
    flowdock (0.7.1)
      httparty (~> 0.7)
      multi_json
    font-awesome-rails (4.7.0.8)
      railties (>= 3.2, < 8.0)
    globalid (1.1.0)
      activesupport (>= 5.0)
    haml (5.2.2)
      temple (>= 0.8.0)
      tilt
    hashie (5.0.0)
    hoi (0.0.7)
      httparty
      json
    htmlentities (4.3.4)
    http-accept (1.7.0)
    http-cookie (1.0.7)
      domain_name (~> 0.5)
    httparty (0.22.0)
      csv
      mini_mime (>= 1.0.0)
      multi_xml (>= 0.5.2)
    i18n (1.14.6)
      concurrent-ruby (~> 1.0)
    jquery-rails (4.5.0)
      rails-dom-testing (>= 1, < 3)
      railties (>= 4.2.0)
      thor (>= 0.14, < 2.0)
    json (2.8.1)
    json (2.8.1-java)
    jwt (2.5.0)
    kaminari (1.2.2)
      activesupport (>= 4.1.0)
      kaminari-actionview (= 1.2.2)
      kaminari-activerecord (= 1.2.2)
      kaminari-core (= 1.2.2)
    kaminari-actionview (1.2.2)
      actionview
      kaminari-core (= 1.2.2)
    kaminari-activerecord (1.2.2)
      activerecord
      kaminari-core (= 1.2.2)
    kaminari-core (1.2.2)
    kaminari-mongoid (1.0.2)
      kaminari-core (~> 1.0)
      mongoid
    language_server-protocol (3.17.0.3)
    launchy (2.5.0)
      addressable (~> 2.7)
    libv8-node (16.10.0.0)
    libv8-node (16.10.0.0-arm64-darwin)
    libv8-node (16.10.0.0-x86_64-darwin)
    libv8-node (16.10.0.0-x86_64-linux)
    listen (3.0.8)
      rb-fsevent (~> 0.9, >= 0.9.4)
      rb-inotify (~> 0.9, >= 0.9.7)
    logger (1.6.1)
    loofah (2.23.1)
      crass (~> 1.0.2)
      nokogiri (>= 1.12.0)
    mail (2.7.1)
      mini_mime (>= 0.1.1)
    marcel (1.0.4)
    matrix (0.4.2)
    method_source (1.1.0)
    mime-types (3.6.0)
      logger
      mime-types-data (~> 3.2015)
    mime-types-data (3.2024.1105)
    mini_mime (1.1.5)
    mini_portile2 (2.8.7)
    mini_racer (0.6.3)
      libv8-node (~> 16.10.0.0)
    minitest (5.25.1)
    mongo (2.21.0)
      bson (>= 4.14.1, < 6.0.0)
    mongoid (7.5.4)
      activemodel (>= 5.1, < 7.1, != 7.0.0)
      mongo (>= 2.10.5, < 3.0.0)
      ruby2_keywords (~> 0.0.5)
    mongoid-compatibility (1.0.0)
      activesupport
      mongoid (>= 2.0)
    mongoid-rspec (4.2.0)
      mongoid (>= 3.0, < 10.0)
      mongoid-compatibility (>= 0.5.1)
    msgpack (1.7.3)
    msgpack (1.7.3-java)
    multi_json (1.15.0)
    multi_xml (0.7.1)
      bigdecimal (~> 3.1)
    multipart-post (2.2.3)
    net-imap (0.5.0)
      date
      net-protocol
    net-pop (0.1.2)
      net-protocol
    net-protocol (0.2.2)
      timeout
    net-smtp (0.5.0)
      net-protocol
    netrc (0.11.0)
    nio4r (2.7.4)
    nio4r (2.7.4-java)
    nokogiri (1.16.7)
      mini_portile2 (~> 2.8.2)
      racc (~> 1.4)
    nokogiri (1.16.7-arm64-darwin)
      racc (~> 1.4)
    nokogiri (1.16.7-java)
      racc (~> 1.4)
    nokogiri (1.16.7-x86_64-darwin)
      racc (~> 1.4)
    nokogiri (1.16.7-x86_64-linux)
      racc (~> 1.4)
    oauth2 (1.4.10)
      faraday (>= 0.17.3, < 3.0)
      jwt (>= 1.0, < 3.0)
      multi_json (~> 1.3)
      multi_xml (~> 0.5)
      rack (>= 1.2, < 3)
    octokit (4.21.0)
      faraday (>= 0.9)
      sawyer (~> 0.8.0, >= 0.5.3)
    omniauth (2.1.0)
      hashie (>= 3.4.6)
      rack (>= 2.2.3)
      rack-protection
    omniauth-github (2.0.0)
      omniauth (~> 2.0)
      omniauth-oauth2 (~> 1.7.1)
    omniauth-google-oauth2 (1.0.1)
      jwt (>= 2.0)
      oauth2 (~> 1.1)
      omniauth (~> 2.0)
      omniauth-oauth2 (~> 1.7.1)
    omniauth-oauth2 (1.7.3)
      oauth2 (>= 1.4, < 3)
      omniauth (>= 1.9, < 3)
    omniauth-rails_csrf_protection (1.0.1)
      actionpack (>= 4.2)
      omniauth (~> 2.0)
    orm_adapter (0.5.0)
    parallel (1.26.3)
    parser (3.3.6.0)
      ast (~> 2.4.1)
      racc
    phantomjs (2.1.1.0)
    pjax_rails (0.5.1)
      jquery-rails
      railties (>= 4.0)
    poltergeist (1.18.1)
      capybara (>= 2.1, < 4)
      cliver (~> 0.3.1)
      websocket-driver (>= 0.2.0)
    premailer (1.27.0)
      addressable
      css_parser (>= 1.19.0)
      htmlentities (>= 4.0.0)
    pry (0.14.2)
      coderay (~> 1.1)
      method_source (~> 1.0)
    pry (0.14.2-java)
      coderay (~> 1.1)
      method_source (~> 1.0)
      spoon (~> 0.0)
    pry-rails (0.3.11)
      pry (>= 0.13.0)
    public_suffix (6.0.1)
    puma (6.4.3)
      nio4r (~> 2.0)
    puma (6.4.3-java)
      nio4r (~> 2.0)
    racc (1.8.1)
    racc (1.8.1-java)
    rack (2.2.10)
    rack-protection (2.2.2)
      rack
    rack-ssl (1.4.1)
      rack
    rack-ssl-enforcer (0.2.9)
    rack-test (2.1.0)
      rack (>= 1.3)
    rails (6.1.7.10)
      actioncable (= 6.1.7.10)
      actionmailbox (= 6.1.7.10)
      actionmailer (= 6.1.7.10)
      actionpack (= 6.1.7.10)
      actiontext (= 6.1.7.10)
      actionview (= 6.1.7.10)
      activejob (= 6.1.7.10)
      activemodel (= 6.1.7.10)
      activerecord (= 6.1.7.10)
      activestorage (= 6.1.7.10)
      activesupport (= 6.1.7.10)
      bundler (>= 1.15.0)
      railties (= 6.1.7.10)
      sprockets-rails (>= 2.0.0)
    rails-controller-testing (1.0.5)
      actionpack (>= 5.0.1.rc1)
      actionview (>= 5.0.1.rc1)
      activesupport (>= 5.0.1.rc1)
    rails-dom-testing (2.2.0)
      activesupport (>= 5.0.0)
      minitest
      nokogiri (>= 1.6)
    rails-html-sanitizer (1.6.0)
      loofah (~> 2.21)
      nokogiri (~> 1.14)
    railties (6.1.7.10)
      actionpack (= 6.1.7.10)
      activesupport (= 6.1.7.10)
      method_source
      rake (>= 12.2)
      thor (~> 1.0)
    rainbow (3.1.1)
    rake (13.2.1)
    rb-fsevent (0.11.2)
    rb-inotify (0.11.1)
      ffi (~> 1.0)
    regexp_parser (2.9.2)
    request_store (1.5.1)
      rack (>= 1.4)
    responders (3.0.1)
      actionpack (>= 5.0)
      railties (>= 5.0)
    rest-client (2.1.0)
      http-accept (>= 1.7.0, < 2.0)
      http-cookie (>= 1.0.2, < 2.0)
      mime-types (>= 1.16, < 4.0)
      netrc (~> 0.8)
    rexml (3.3.9)
    ri_cal (0.8.8)
    rinku (2.0.6)
    rspec (3.13.0)
      rspec-core (~> 3.13.0)
      rspec-expectations (~> 3.13.0)
      rspec-mocks (~> 3.13.0)
    rspec-activemodel-mocks (1.2.1)
      activemodel (>= 3.0)
      activesupport (>= 3.0)
      rspec-mocks (>= 2.99, < 4.0)
    rspec-core (3.13.2)
      rspec-support (~> 3.13.0)
    rspec-expectations (3.13.3)
      diff-lcs (>= 1.2.0, < 2.0)
      rspec-support (~> 3.13.0)
    rspec-mocks (3.13.2)
      diff-lcs (>= 1.2.0, < 2.0)
      rspec-support (~> 3.13.0)
    rspec-rails (6.1.5)
      actionpack (>= 6.1)
      activesupport (>= 6.1)
      railties (>= 6.1)
      rspec-core (~> 3.13)
      rspec-expectations (~> 3.13)
      rspec-mocks (~> 3.13)
      rspec-support (~> 3.13)
    rspec-support (3.13.1)
    rubocop (1.68.0)
      json (~> 2.3)
      language_server-protocol (>= 3.17.0)
      parallel (~> 1.10)
      parser (>= 3.3.0.2)
      rainbow (>= 2.2.2, < 4.0)
      regexp_parser (>= 2.4, < 3.0)
      rubocop-ast (>= 1.32.2, < 2.0)
      ruby-progressbar (~> 1.7)
      unicode-display_width (>= 2.4.0, < 3.0)
    rubocop-ast (1.34.1)
      parser (>= 3.3.1.0)
    rubocop-performance (1.22.1)
      rubocop (>= 1.48.1, < 2.0)
      rubocop-ast (>= 1.31.1, < 2.0)
    rubocop-rails (2.27.0)
      activesupport (>= 4.2.0)
      rack (>= 1.1)
      rubocop (>= 1.52.0, < 2.0)
      rubocop-ast (>= 1.31.1, < 2.0)
    ruby-progressbar (1.13.0)
    ruby2_keywords (0.0.5)
    rushover (0.3.0)
      json
      rest-client
    sass-rails (6.0.0)
      sassc-rails (~> 2.1, >= 2.1.1)
    sassc (2.4.0)
      ffi (~> 1.9)
    sassc-rails (2.1.2)
      railties (>= 4.0.0)
      sassc (>= 2.0)
      sprockets (> 3.0)
      sprockets-rails
      tilt
    sawyer (0.8.2)
      addressable (>= 2.3.5)
      faraday (> 0.8, < 2.0)
    simplecov (0.22.0)
      docile (~> 1.1)
      simplecov-html (~> 0.11)
      simplecov_json_formatter (~> 0.1)
    simplecov-html (0.13.1)
    simplecov_json_formatter (0.1.4)
    spoon (0.0.6)
      ffi
    sprockets (4.1.1)
      concurrent-ruby (~> 1.0)
      rack (> 1, < 3)
    sprockets-rails (3.2.2)
      actionpack (>= 4.0)
      activesupport (>= 4.0)
      sprockets (>= 3.0.0)
    sucker_punch (3.0.1)
      concurrent-ruby (~> 1.0)
    temple (0.8.2)
    thor (1.3.2)
    tilt (2.0.11)
    timecop (0.9.5)
    timeout (0.4.2)
    tzinfo (2.0.6)
      concurrent-ruby (~> 1.0)
    uglifier (4.2.0)
      execjs (>= 0.3.0, < 3)
    underscore-rails (1.8.3)
    unicode-display_width (2.6.0)
    useragent (0.16.10)
    warden (1.2.9)
      rack (>= 2.0.9)
    websocket-driver (0.7.6)
      websocket-extensions (>= 0.1.0)
    websocket-driver (0.7.6-java)
      websocket-extensions (>= 0.1.0)
    websocket-extensions (0.1.5)
    xmpp4r (0.5.6)
    xpath (3.2.0)
      nokogiri (~> 1.8)
    zeitwerk (2.6.18)

PLATFORMS
  arm64-darwin
  arm64-linux
  java
  ruby
  x86_64-darwin
  x86_64-linux

DEPENDENCIES
  actionmailer_inline_css
  activemodel-serializers-xml
  airbrake (~> 4.3.5)
  bootsnap (>= 1.1.0)
  campy
  capybara
  decent_exposure
  devise
  dotenv-rails
  draper
  email_spec
  errbit_github_plugin
  errbit_plugin
  fabrication
  flowdock
  font-awesome-rails
  haml
  hoi
  hoptoad_notifier!
  htmlentities
  httparty
  jquery-rails
  json
  kaminari
  kaminari-mongoid
  launchy
  listen (~> 3.0.5)
  mini_racer
  mongoid (= 7.5.4)
  mongoid-rspec
  net-imap
  net-pop
  net-smtp
  omniauth
  omniauth-github
  omniauth-google-oauth2
  omniauth-rails_csrf_protection
  phantomjs
  pjax_rails
  poltergeist
  pry-rails
  puma
  rack-ssl
  rack-ssl-enforcer
  rails (= 6.1.7.10)
  rails-controller-testing
  rake
  rexml
  ri_cal
  rinku
  rspec
  rspec-activemodel-mocks
  rspec-rails
  rubocop
  rubocop-performance
  rubocop-rails
  rushover
  sass-rails
  simplecov
  sucker_punch
  timecop
  uglifier
  underscore-rails
  useragent
  xmpp4r

CHECKSUMS
  actioncable (6.1.7.10) sha256=d00c50a2a778b8fee40c6e0a2b1871f360d098f3a0ed9fc43d0d14f8fcb05928
  actionmailbox (6.1.7.10) sha256=e95397559b95314e30334f10824be0de30c467e3020c76b3ad1c2a70089bc6a5
  actionmailer (6.1.7.10) sha256=2dd345e41786856e6efea24cc77589d054a9e83e2a73beaceff87c6ea8c5dfdb
  actionmailer_inline_css (1.6.0) sha256=b763306c37bf79f9e46b67b5e3cca261b42a0457f0fb05ca1b850f9aef0f5450
  actionpack (6.1.7.10) sha256=7dd526e14b21db61c8b46d45261cf859cb86d430dd4ea4feff1c873099f5d56e
  actiontext (6.1.7.10) sha256=c0dedd58640533bba02a4f75988c6a043a4606be1aab99bc2b887e53976e4be4
  actionview (6.1.7.10) sha256=23b7a38c696eecea244d2fe1c74317e703ab24f32bf3b0ba271d3862ab07bcc2
  activejob (6.1.7.10) sha256=f1100c58aed04566cdff937cf36d7cacd414534fe4947e8399b072d90aae16cc
  activemodel (6.1.7.10) sha256=562d9b1d0597f450437ec7cd6540b13f3e074cce5c7b237ac76e7435a15d4b8c
  activemodel-serializers-xml (1.0.2) sha256=228f2e36e89047634e78acc2707425a8605b009a6d6254238cb43fd87bc665de
  activerecord (6.1.7.10) sha256=db1719ef443a5437badcaa1d0fb5da7db985988fb69cc37085ca6bcc569fb31a
  activestorage (6.1.7.10) sha256=5b3ae2ffd02565413b1a36705ddc56a9855307076497f0dfb1dbe679a635d4dc
  activesupport (6.1.7.10) sha256=3f8e1f787a7bfbf765959ba509ef70af8293b35cb864078919365a12bf33d470
  addressable (2.8.7) sha256=462986537cf3735ab5f3c0f557f14155d778f4b43ea4f485a9deb9c8f7c58232
  airbrake (4.3.8) sha256=d06947194f5dcd7e192c28067f2c47728511d75326c17045094c3a0b84f68c2d
  ast (2.4.2) sha256=1e280232e6a33754cde542bc5ef85520b74db2aac73ec14acef453784447cc12
  bcrypt (3.1.20) sha256=8410f8c7b3ed54a3c00cd2456bf13917d695117f033218e2483b2e40b0784099
  bcrypt (3.1.20-java) sha256=8236dff31f6f36cffe334939e4ea59c41e1c94e2e246c01783575fa6df40373f
  bigdecimal (3.1.8) sha256=a89467ed5a44f8ae01824af49cbc575871fa078332e8f77ea425725c1ffe27be
  bigdecimal (3.1.8-java) sha256=b9e94c14623fff8575f17a10320852219bbba92ecff4977571503d942687326e
  bootsnap (1.18.4) sha256=ac4c42af397f7ee15521820198daeff545e4c360d2772c601fbdc2c07d92af55
  bson (5.0.1) sha256=5781d19ae352fe0d3078eed9ae3305504b87aafe0cc4ee57343b2f986fa9ffa5
  bson (5.0.1-java) sha256=cb4d622e0766a511de4b7dbf624a17f122a34c05f90afc6ac81b6b19be05d981
  builder (3.3.0) sha256=497918d2f9dca528fdca4b88d84e4ef4387256d984b8154e9d5d3fe5a9c8835f
  campy (1.0.0) sha256=fc353b535c448afad5acfc972264b609a9a461335b09cda151d3e7bbf9504ef6
  capybara (3.40.0) sha256=42dba720578ea1ca65fd7a41d163dd368502c191804558f6e0f71b391054aeef
  cliver (0.3.2) sha256=8775445218c612bb57f50c392c4906a1ab5cca067eab093bde3cc77d6426ce24
  coderay (1.1.3) sha256=dc530018a4684512f8f38143cd2a096c9f02a1fc2459edcfe534787a7fc77d4b
  concurrent-ruby (1.3.4) sha256=d4aa926339b0a86b5b5054a0a8c580163e6f5dcbdfd0f4bb916b1a2570731c32
  crass (1.0.6) sha256=dc516022a56e7b3b156099abc81b6d2b08ea1ed12676ac7a5657617f012bd45d
  css_parser (1.19.1) sha256=1940dce01e3b9be18d6880e6d65162d984cc04ff28998cf4759beb999275209e
  csv (3.3.0) sha256=0bbd1defdc31134abefed027a639b3723c2753862150f4c3ee61cab71b20d67d
  date (3.4.0) sha256=2e7fadaded625c9b3e35e254e42068d4bd8b8646ceab0744cbcbcfdafaa0a711
  date (3.4.0-java) sha256=f7951ea2b7008aebd9cd293008edbd7dd23a928112399ae191f05a42321fc100
  decent_exposure (3.0.4) sha256=5ce9e3df24f8d77f094b2e612d1c43a78a2de879847ccbb57c0e596e6c303cf1
  devise (4.8.1) sha256=fdd48bbe79a89e7c1152236a70479842ede48bea4fa7f4f2d8da1f872559803e
  diff-lcs (1.5.1) sha256=273223dfb40685548436d32b4733aa67351769c7dea621da7d9dd4813e63ddfe
  docile (1.4.1) sha256=96159be799bfa73cdb721b840e9802126e4e03dfc26863db73647204c727f21e
  domain_name (0.6.20240107) sha256=5f693b2215708476517479bf2b3802e49068ad82167bcd2286f899536a17d933
  dotenv (2.8.1) sha256=c5944793349ae03c432e1780a2ca929d60b88c7d14d52d630db0508c3a8a17d8
  dotenv-rails (2.8.1) sha256=b05b81b7f4e51d1359e218d92279db1d84b12440f7118c9df19b5dfffb620f6c
  draper (4.0.2) sha256=5ce3e11ee31808a55cfc6bfbdbb81bf36730984176b5c865bcfd1f4987e8e1af
  email_spec (2.2.0) sha256=60b7980580a835e7f676db60667f17a2d60e8e0e39c26d81cfc231805c544d79
  errbit_github_plugin (0.3.0) sha256=96391948fae85fe3aaed78efa598791a8f16187e39e7038ca00bc137a266cc92
  errbit_plugin (0.6.0) sha256=ec4a7567333e3771802805e6c8e901fdfdbb9d576bbcc2af91573694cea89b15
  erubi (1.13.0) sha256=fca61b47daefd865d0fb50d168634f27ad40181867445badf6427c459c33cd62
  execjs (2.8.1) sha256=6d939919cfd81bcc4d6556f322c3995a70cfe4289ea0bd3b1f999b489c323088
  fabrication (2.30.0) sha256=b838236df6fc45bf806a3bb4ce78546d5a925f28879ffd05fe90277265d5ba2f
  faraday (1.10.1) sha256=38e5d43359ad0e8579af549fcc6083c03ffbeb0dd6fd78dee359263fde2cfc0c
  faraday-em_http (1.0.0) sha256=7a3d4c7079789121054f57e08cd4ef7e40ad1549b63101f38c7093a9d6c59689
  faraday-em_synchrony (1.0.0) sha256=460dad1c30cc692d6e77d4c391ccadb4eca4854b315632cd7e560f74275cf9ed
  faraday-excon (1.1.0) sha256=b055c842376734d7f74350fe8611542ae2000c5387348d9ba9708109d6e40940
  faraday-httpclient (1.0.1) sha256=4c8ff1f0973ff835be8d043ef16aaf54f47f25b7578f6d916deee8399a04d33b
  faraday-multipart (1.0.4) sha256=9012021ab57790f7d712f590b48d5f948b19b43cfa11ca83e6459f06090b0725
  faraday-net_http (1.0.1) sha256=3245ce406ebb77b40e17a77bfa66191dda04be2fd4e13a78d8a4305854d328ba
  faraday-net_http_persistent (1.2.0) sha256=0b0cbc8f03dab943c3e1cc58d8b7beb142d9df068b39c718cd83e39260348335
  faraday-patron (1.0.0) sha256=dc2cd7b340bb3cc8e36bcb9e6e7eff43d134b6d526d5f3429c7a7680ddd38fa7
  faraday-rack (1.0.0) sha256=ef60ec969a2bb95b8dbf24400155aee64a00fc8ba6c6a4d3968562bcc92328c0
  faraday-retry (1.0.3) sha256=add154f4f399243cbe070806ed41b96906942e7f5259bb1fe6daf2ec8f497194
  ffi (1.17.0) sha256=51630e43425078311c056ca75f961bb3bda1641ab36e44ad4c455e0b0e4a231c
  ffi (1.17.0-arm64-darwin) sha256=609c874e76614542c6d485b0576e42a7a38ffcdf086612f9a300c4ec3fcd0d12
  ffi (1.17.0-java) sha256=f65f022616970fcde83fe176393eb873a7b959ef2703f94931cf0af6ab55ec7a
  ffi (1.17.0-x86_64-darwin) sha256=fdcd48c69db3303ef95aec5c64d6275fcf9878a02c0bec0afddc506ceca0f56b
  ffi (1.17.0-x86_64-linux-gnu) sha256=1015e59d5919dd6bbcb0704325b0bd639be664a79b1e2189943ceb18faa34198
  flowdock (0.7.1) sha256=cfa95b2ac96e5f883f6e419d7a891f76cfcc17a28c416b6b714bbdffc8dbd912
  font-awesome-rails (4.7.0.8) sha256=c26183d5f902858289692d3a173c3d8d0f769c3b0930259ae4181ddfd74d496c
  globalid (1.1.0) sha256=b337e1746f0c8cb0a6c918234b03a1ddeb4966206ce288fbb57779f59b2d154f
  haml (5.2.2) sha256=6e759246556145642ef832d670fc06f9bd8539159a0e600847a00291dd7aae0c
  hashie (5.0.0) sha256=9d6c4e51f2a36d4616cbc8a322d619a162d8f42815a792596039fc95595603da
  hoi (0.0.7) sha256=bbea294ad76f08fcc6931f17e689ab3342cb09d73472fd5f7f1a1744af5f836d
  hoptoad_notifier (2.4.11)
  htmlentities (4.3.4) sha256=125a73c6c9f2d1b62100b7c3c401e3624441b663762afa7fe428476435a673da
  http-accept (1.7.0) sha256=c626860682bfbb3b46462f8c39cd470fd7b0584f61b3cc9df5b2e9eb9972a126
  http-cookie (1.0.7) sha256=cb7a399f3344f720b8a0f3b0765f29b62608ebb9c3ce4abf4d6eeff2caf42253
  httparty (0.22.0) sha256=78652a5c9471cf0093d3b2083c2295c9c8f12b44c65112f1846af2b71430fa6c
  i18n (1.14.6) sha256=dc229a74f5d181f09942dd60ab5d6e667f7392c4ee826f35096db36d1fe3614c
  jquery-rails (4.5.0) sha256=a4b89d7c9dbe016921b817f10d459baff928c0e0a656c8a758c20ec281a5ab39
  json (2.8.1) sha256=404e8ca4c2ef6c7a6fa15bb9e2e280f3523334b78a83f22268297fe7939ee22a
  json (2.8.1-java) sha256=6d87e4a83bfb459a05c0a4305e0ec35f9ed5576e73f831b3003f4015bb8cab93
  jwt (2.5.0) sha256=b835fe55287572e1f65128d6c12d3ff7402bb4652c4565bf3ecdcb974db7954d
  kaminari (1.2.2) sha256=c4076ff9adccc6109408333f87b5c4abbda5e39dc464bd4c66d06d9f73442a3e
  kaminari-actionview (1.2.2) sha256=1330f6fc8b59a4a4ef6a549ff8a224797289ebf7a3a503e8c1652535287cc909
  kaminari-activerecord (1.2.2) sha256=0dd3a67bab356a356f36b3b7236bcb81cef313095365befe8e98057dd2472430
  kaminari-core (1.2.2) sha256=3bd26fec7370645af40ca73b9426a448d09b8a8ba7afa9ba3c3e0d39cdbb83ff
  kaminari-mongoid (1.0.2) sha256=7d28be9a8322d82bca36e6b4983f2f91e1149eee84755b52ce26c0cd0f040ebc
  language_server-protocol (3.17.0.3) sha256=3d5c58c02f44a20d972957a9febe386d7e7468ab3900ce6bd2b563dd910c6b3f
  launchy (2.5.0) sha256=954243c4255920982ce682f89a42e76372dba94770bf09c23a523e204bdebef5
  libv8-node (16.10.0.0) sha256=1ce8c30ec9b83fe7c2f21c8d2fe39bab69b039ec724094a0fc641961c2ed5180
  libv8-node (16.10.0.0-arm64-darwin) sha256=39919e55cb6a33582ab34531d53960a4ebf0ae4dde51474aacc134724a4f4936
  libv8-node (16.10.0.0-x86_64-darwin) sha256=63330579945cf7994da48f7b5e091c37cf58f05c274120b333c5d9d3353af29d
  libv8-node (16.10.0.0-x86_64-linux) sha256=7658defc810d96fe719afc46d93e2cbfee3632e4d9569a7b5763d37c398ea988
  listen (3.0.8) sha256=91845635a094f81de2af4ec334340dd8458d9b86486471c2dc9747e7173c1ed0
  logger (1.6.1) sha256=3ad9587ed3940bf7897ea64a673971415523f4f7d6b22c5e3af5219705669653
  loofah (2.23.1) sha256=d0a07422cb3b69272e124afa914ef6d517e30d5496b7f1c1fc5b95481f13f75e
  mail (2.7.1) sha256=ec2a3d489f7510b90d8eaa3f6abaad7038cf1d663cdf8ee66d0214a0bdf99c03
  marcel (1.0.4) sha256=0d5649feb64b8f19f3d3468b96c680bae9746335d02194270287868a661516a4
  matrix (0.4.2) sha256=71083ccbd67a14a43bfa78d3e4dc0f4b503b9cc18e5b4b1d686dc0f9ef7c4cc0
  method_source (1.1.0) sha256=181301c9c45b731b4769bc81e8860e72f9161ad7d66dd99103c9ab84f560f5c5
  mime-types (3.6.0) sha256=6f71db957840ceae44211531eff3e2f7e0dd4645fefb5f535dbaeb6307ab6464
  mime-types-data (3.2024.1105) sha256=1f6fc1b0744205c0ec6d4cdda207b748b4d28879fa51a35ac73203daa884c4c1
  mini_mime (1.1.5) sha256=8681b7e2e4215f2a159f9400b5816d85e9d8c6c6b491e96a12797e798f8bccef
  mini_portile2 (2.8.7) sha256=13eef5ab459bbfd33d61e539564ec25a9c2cf593b0a5ea6d4d7ef8c19b162ee0
  mini_racer (0.6.3) sha256=289b3b9e4fa18f5f4bcc9cd5e257b748c035dd8fca97a1105d3d2752c25a9b44
  minitest (5.25.1) sha256=3db6795a80634def1cf86fda79d2d83b59b25ce5e186fa675f73c565589d2ad8
  mongo (2.21.0) sha256=38c4743733dbb918d8feb197a8f8b9af8ad922dadba8e03f5117c3cabc79339b
  mongoid (7.5.4) sha256=d3664aa7bf119154f545f99ce9041d9912f203a5afa21f5229a2431c4e929432
  mongoid-compatibility (1.0.0) sha256=08e5770d102258a3b8f39443057de42cde61d465980f182954b1b70d965465e8
  mongoid-rspec (4.2.0) sha256=0811fccdc6dcca21987486208a0f614cc395620ccb7ce884b9bce0b5a677ecc8
  msgpack (1.7.3) sha256=edb751dc3378020296365fef3197e5eeab8a7d9a571a25d046464d71b97d3012
  msgpack (1.7.3-java) sha256=49e20b30ad4ed904b72578628f76fc834d5eb0ad28dacd7e501e188f23ebd101
  multi_json (1.15.0) sha256=1fd04138b6e4a90017e8d1b804c039031399866ff3fbabb7822aea367c78615d
  multi_xml (0.7.1) sha256=4fce100c68af588ff91b8ba90a0bb3f0466f06c909f21a32f4962059140ba61b
  multipart-post (2.2.3) sha256=462979de2971b8df33c2ee797fd497731617241f9dcd93960cc3caccb2dd13d8
  net-imap (0.5.0) sha256=b8281598f3c1860679a88de19287673c6835bed6cf0fe1710fb96a5ffcb94aa0
  net-pop (0.1.2) sha256=848b4e982013c15b2f0382792268763b748cce91c9e91e36b0f27ed26420dff3
  net-protocol (0.2.2) sha256=aa73e0cba6a125369de9837b8d8ef82a61849360eba0521900e2c3713aa162a8
  net-smtp (0.5.0) sha256=5fc0415e6ea1cc0b3dfea7270438ec22b278ca8d524986a3ae4e5ae8d087b42a
  netrc (0.11.0) sha256=de1ce33da8c99ab1d97871726cba75151113f117146becbe45aa85cb3dabee3f
  nio4r (2.7.4) sha256=d95dee68e0bb251b8ff90ac3423a511e3b784124e5db7ff5f4813a220ae73ca9
  nio4r (2.7.4-java) sha256=eaa37458dc182a075ea3ad48cddd27823f2e306498acceab17062069d0f387d3
  nokogiri (1.16.7) sha256=f819cbfdfb0a7b19c9c52c6f2ca63df0e58a6125f4f139707b586b9511d7fe95
  nokogiri (1.16.7-arm64-darwin) sha256=276dcea1b988a5b22b5acc1ba901d24b8e908c40b71dccd5d54a2ae279480dad
  nokogiri (1.16.7-java) sha256=044c45ca46abc2b6135a85ab39a546ff2f0434d43142bc59b83e5b1068876a42
  nokogiri (1.16.7-x86_64-darwin) sha256=630732b80fc572690eab50c73a1f18988f3ac401ed0b67ca9956ba2b1e2c3faa
  nokogiri (1.16.7-x86_64-linux) sha256=9e1e428641d5942af877c60b418c71163560e9feb4a5c4015f3230a8b86a40f6
  oauth2 (1.4.10) sha256=8e50fcdcada64d668f79ad3e74adeec1bd24ee0309c2ac803ff394c9d4c2a66d
  octokit (4.21.0) sha256=4758eb7048241d5ab40644511c83d93b8e08a2c9e060c32d4a1f35445626662a
  omniauth (2.1.0) sha256=bff7234f5ec9323622b217c7f26d52f850de0b0e2b8c807c3358fc79fe572300
  omniauth-github (2.0.0) sha256=1ca26576125a97e27d3f8dc39cd98853d7382dd0fc04a40d3b9ec345ee378649
  omniauth-google-oauth2 (1.0.1) sha256=2ed7a4ac8d98ab824c95e0d6760784abf1248262b3ba2ab56ec7ebd7074d12a6
  omniauth-oauth2 (1.7.3) sha256=3f5a8f99fa72e0f91d2abd7475ceb972a4ae67ed59e049f314c0c1bad81f4745
  omniauth-rails_csrf_protection (1.0.1) sha256=fc546aeb7d43b7b9d7737051c380156e61c8f080b898cd4934d523eaa7e59acf
  orm_adapter (0.5.0) sha256=aa5d0be5d540cbb46d3a93e88061f4ece6a25f6e97d6a47122beb84fe595e9b9
  parallel (1.26.3) sha256=d86babb7a2b814be9f4b81587bf0b6ce2da7d45969fab24d8ae4bf2bb4d4c7ef
  parser (3.3.6.0) sha256=25d4e67cc4f0f7cab9a2ae1f38e2005b6904d2ea13c34734511d0faad038bc3b
  phantomjs (2.1.1.0) sha256=b392cfba33d374285d022c905c714948fc1a69d162cd17cfea39b684fd5a1779
  pjax_rails (0.5.1) sha256=3cb4b53d874de1349014aaae2cb879c8924ec86d68f3054a0d958c995b0c8ddb
  poltergeist (1.18.1) sha256=25a9d7140e697794fd376d6fea89e6f3ec1706c0f901cab4d1b0ea7bd2058846
  premailer (1.27.0) sha256=0fe2348cd82738855c482b31c915a06ecb1d3ad004578c19042905196ddbd1e7
  pry (0.14.2) sha256=c4fe54efedaca1d351280b45b8849af363184696fcac1c72e0415f9bdac4334d
  pry (0.14.2-java) sha256=fd780670977ba04ff7ee32dabd4d02fe4bf02e977afe8809832d5dca1412862e
  pry-rails (0.3.11) sha256=a69e28e24a34d75d1f60bcf241192a54253f8f7ef8a62cba1e75750a9653593d
  public_suffix (6.0.1) sha256=61d44e1cab5cbbbe5b31068481cf16976dd0dc1b6b07bd95617ef8c5e3e00c6f
  puma (6.4.3) sha256=24a4645c006811d83f2480057d1f54a96e7627b6b90e1c99b260b9dc630eb43e
  puma (6.4.3-java) sha256=373fcfacacaafd0f5a24db18cb99b3f2decb5c5316470169852559aa80adc8ab
  racc (1.8.1) sha256=4a7f6929691dbec8b5209a0b373bc2614882b55fc5d2e447a21aaa691303d62f
  racc (1.8.1-java) sha256=54f2e6d1e1b91c154013277d986f52a90e5ececbe91465d29172e49342732b98
  rack (2.2.10) sha256=e4a5ee3f8f2ba45614a4498114d6dc7da1c51a0f0dd810d891906ea71d3aa72b
  rack-protection (2.2.2) sha256=fd41414dbabbec274af0bdb1f72a48504449de4d979782c9af38cbb5dfff3299
  rack-ssl (1.4.1) sha256=f7f9d359c13d563fd0fe3e4eced0b357d8ba0502c837839f7520502f27ee4130
  rack-ssl-enforcer (0.2.9) sha256=99ef4051d1d1e8ca46bbeecb824506798db03e51db3028cb0acf9c18971b1108
  rack-test (2.1.0) sha256=0c61fc61904049d691922ea4bb99e28004ed3f43aa5cfd495024cc345f125dfb
  rails (6.1.7.10) sha256=809692b3ec91fe1407b160e65203ef41c0b19b27bc5b836a515d6f4b969188d1
  rails-controller-testing (1.0.5) sha256=741448db59366073e86fc965ba403f881c636b79a2c39a48d0486f2607182e94
  rails-dom-testing (2.2.0) sha256=e515712e48df1f687a1d7c380fd7b07b8558faa26464474da64183a7426fa93b
  rails-html-sanitizer (1.6.0) sha256=86e9f19d2e6748890dcc2633c8945ca45baa08a1df9d8c215ce17b3b0afaa4de
  railties (6.1.7.10) sha256=de6e7a18a16a172c741020dac2e06c068a6a40bd493a4ec5244303171d6e5f0b
  rainbow (3.1.1) sha256=039491aa3a89f42efa1d6dec2fc4e62ede96eb6acd95e52f1ad581182b79bc6a
  rake (13.2.1) sha256=46cb38dae65d7d74b6020a4ac9d48afed8eb8149c040eccf0523bec91907059d
  rb-fsevent (0.11.2) sha256=43900b972e7301d6570f64b850a5aa67833ee7d87b458ee92805d56b7318aefe
  rb-inotify (0.11.1) sha256=a0a700441239b0ff18eb65e3866236cd78613d6b9f78fea1f9ac47a85e47be6e
  regexp_parser (2.9.2) sha256=5a27e767ad634f8a4b544520d5cd28a0db7aa1198a5d7c9d7e11d7b3d9066446
  request_store (1.5.1) sha256=07a204d161590789f2b1d27f9f0eadcdecd6d868cb2f03240250e1bc747df78e
  responders (3.0.1) sha256=613fe28e498987f4feaa3230aa6313ca4bd5f0563a3da83511b0dd6cd8f47292
  rest-client (2.1.0) sha256=35a6400bdb14fae28596618e312776c158f7ebbb0ccad752ff4fa142bf2747e3
  rexml (3.3.9) sha256=d71875b85299f341edf47d44df0212e7658cbdf35aeb69cefdb63f57af3137c9
  ri_cal (0.8.8) sha256=200d7709e693e661b87230c2530e96bbe276591cf552f379bbee3aab86518fba
  rinku (2.0.6) sha256=8b60670e3143f3db2b37efa262971ce3619ec23092045498ef9f077d82828d7d
  rspec (3.13.0) sha256=d490914ac1d5a5a64a0e1400c1d54ddd2a501324d703b8cfe83f458337bab993
  rspec-activemodel-mocks (1.2.1) sha256=a2c1a8abb68b42b412bdd0bfc975145d1a950d50176c0b65eca5369bed44a2bb
  rspec-core (3.13.2) sha256=94fbda6e4738e478f1c7532b7cc241272fcdc8b9eac03a97338b1122e4573300
  rspec-expectations (3.13.3) sha256=0e6b5af59b900147698ea0ff80456c4f2e69cac4394fbd392fbd1ca561f66c58
  rspec-mocks (3.13.2) sha256=2327335def0e1665325a9b617e3af9ae20272741d80ac550336309a7c59abdef
  rspec-rails (6.1.5) sha256=d11afce893ceb6e2c3c11db280f83dee6d0120d150228cef6b989d37c7394c4b
  rspec-support (3.13.1) sha256=48877d4f15b772b7538f3693c22225f2eda490ba65a0515c4e7cf6f2f17de70f
  rubocop (1.68.0) sha256=07df508504d81e97174e8d21030f25d52c1be7ee8615939db43f3b377ea6c12b
  rubocop-ast (1.34.1) sha256=e6cc91f991d9e6e3cdf0e06d83192735d23cd511d02e39d0e7893e150f73dad8
  rubocop-performance (1.22.1) sha256=9ed9737af1ee90655654b483e0eac4e64702139e85d33335bf744b57a309a679
  rubocop-rails (2.27.0) sha256=c3a6cef509539cdefe5043992ab3530610b1fecc3d67befe3ff0215b96f2f4fe
  ruby-progressbar (1.13.0) sha256=80fc9c47a9b640d6834e0dc7b3c94c9df37f08cb072b7761e4a71e22cff29b33
  ruby2_keywords (0.0.5) sha256=ffd13740c573b7301cf7a2e61fc857b2a8e3d3aff32545d6f8300d8bae10e3ef
  rushover (0.3.0) sha256=8490d0f8fc0421d774122ac0f299bb4c1dc3bf482cd759df5ed635965b30dd48
  sass-rails (6.0.0) sha256=e0b6448ea1c7929fd5929fc7a8eb2d78045e44cc82fc0765a249d3fa1c5810d3
  sassc (2.4.0) sha256=4c60a2b0a3b36685c83b80d5789401c2f678c1652e3288315a1551d811d9f83e
  sassc-rails (2.1.2) sha256=5f4fdf3881fc9bdc8e856ffbd9850d70a2878866feae8114aa45996179952db5
  sawyer (0.8.2) sha256=9f0d3988956cb22667f393a764f17b3b3649eb187b5e25f34005ea3b34642d7b
  simplecov (0.22.0) sha256=fe2622c7834ff23b98066bb0a854284b2729a569ac659f82621fc22ef36213a5
  simplecov-html (0.13.1) sha256=5dab0b7ee612e60e9887ad57693832fdf4695b4c0c859eaea5f95c18791ef10b
  simplecov_json_formatter (0.1.4) sha256=529418fbe8de1713ac2b2d612aa3daa56d316975d307244399fa4838c601b428
  spoon (0.0.6) sha256=3ad18e28f6d36f7379c3085b2e96b6160f1ef55397ca1ed0d39b26fc5bbab3f4
  sprockets (4.1.1) sha256=68b10b0e574fc2a080e4779d025bf39bc7a20bc8659e32f827cccce9581348e2
  sprockets-rails (3.2.2) sha256=62862bce136e31d7497eededde5f7730d4096bc8ef33ef7037c41423ccf89557
  sucker_punch (3.0.1) sha256=b49319778750e56b8c5add6a227727ef3dc3c327756bdf7e3bf236cb89d05579
  temple (0.8.2) sha256=c12071214346c606dbd219b4117276d04a9f2c20d65e66a66b2c4ec18efc1f18
  thor (1.3.2) sha256=eef0293b9e24158ccad7ab383ae83534b7ad4ed99c09f96f1a6b036550abbeda
  tilt (2.0.11) sha256=7b180fc472cbdeb186c85d31c0f2d1e61a2c0d77e1d9fd0ca28482a9d972d6a0
  timecop (0.9.5) sha256=fa80e327fb4c3bc19c5fa56a1a867b8c6e0bd75c714138b055d37571610f6d53
  timeout (0.4.2) sha256=8aca2d5ff98eb2f7a501c03f8c3622065932cc58bc58f725cd50a09e63b4cc19
  tzinfo (2.0.6) sha256=8daf828cc77bcf7d63b0e3bdb6caa47e2272dcfaf4fbfe46f8c3a9df087a829b
  uglifier (4.2.0) sha256=ae68f286bf78a23938f8ff2b8d3cab4aa3d65228c1006476da7023e3ff3af071
  underscore-rails (1.8.3) sha256=d37d0a297df9078a27e00df6bfa3f3b110eb27dd8f84c1588a9727a2cfbada47
  unicode-display_width (2.6.0) sha256=12279874bba6d5e4d2728cef814b19197dbb10d7a7837a869bab65da943b7f5a
  useragent (0.16.10) sha256=1794380d9ea5c087d687bbfe14752f81839293f238c1132ef05c9344f09e65bb
  warden (1.2.9) sha256=46684f885d35a69dbb883deabf85a222c8e427a957804719e143005df7a1efd0
  websocket-driver (0.7.6) sha256=f69400be7bc197879726ad8e6f5869a61823147372fd8928836a53c2c741d0db
  websocket-driver (0.7.6-java) sha256=bc894b9e9d5aee55ac04b61003e1957c4ef411a5a048199587d0499785b505c3
  websocket-extensions (0.1.5) sha256=1c6ba63092cda343eb53fc657110c71c754c56484aad42578495227d717a8241
  xmpp4r (0.5.6) sha256=2bff083e07896f7e3c629e1c3fb574e9862b6063b76cc810cb9dba2db1179a96
  xpath (3.2.0) sha256=6dfda79d91bb3b949b947ecc5919f042ef2f399b904013eb3ef6d20dd3a4082e
  zeitwerk (2.6.18) sha256=bd2d213996ff7b3b364cd342a585fbee9797dbc1c0c6d868dc4150cc75739781

RUBY VERSION
   ruby 3.1.6p260

BUNDLED WITH
   2.5.23
